GEM
  remote: https://rubygems.org/
  specs:
    RedCloth (4.2.9)
    addressable (2.7.0)
      public_suffix (>= 2.0.2, < 5.0)
    anemone (0.7.2)
      nokogiri (>= 1.3.0)
      robotex (>= 1.0.0)
    colorator (1.1.0)
    colorize (0.5.8)
    ffi (1.13.1)
    forwardable-extended (2.6.0)
    haml (4.0.7)
      tilt
    jekyll (3.6.3)
      addressable (~> 2.4)
      colorator (~> 1.0)
      jekyll-sass-converter (~> 1.0)
      jekyll-watch (~> 1.1)
      kramdown (~> 1.14)
      liquid (~> 4.0)
      mercenary (~> 0.3.3)
      pathutil (~> 0.9)
      rouge (>= 1.7, < 3)
      safe_yaml (~> 1.0)
    jekyll-date-format (1.0.1)
      jekyll (>= 1.0.0)
    jekyll-page-hooks (1.3.1)
      jekyll (>= 2.0.0)
    jekyll-sass-converter (1.5.2)
      sass (~> 3.4)
    jekyll-sitemap (0.5.1)
    jekyll-watch (1.5.1)
      listen (~> 3.0)
    kramdown (1.17.0)
    link-checker (0.7.2)
      anemone (~> 0.7.2)
      colorize (~> 0.5.8)
      nokogiri (~> 1.5.5)
      trollop (~> 2.0)
    liquid (4.0.3)
    listen (3.1.5)
      rb-fsevent (~> 0.9, >= 0.9.4)
      rb-inotify (~> 0.9, >= 0.9.7)
      ruby_dep (~> 1.2)
    mercenary (0.3.6)
    nokogiri (1.5.11)
    pathutil (0.16.2)
      forwardable-extended (~> 2.6)
    public_suffix (4.0.5)
    rake (10.4.2)
    rb-fsevent (0.9.6)
    rb-inotify (0.10.1)
      ffi (~> 1.0)
    robotex (1.0.0)
    rouge (2.2.1)
    ruby_dep (1.5.0)
    rubypants (0.2.0)
    safe_yaml (1.0.5)
    sass (3.7.4)
      sass-listen (~> 4.0.0)
    sass-listen (4.0.0)
      rb-fsevent (~> 0.9, >= 0.9.4)
      rb-inotify (~> 0.9, >= 0.9.7)
    stringex (1.4.0)
    tilt (2.0.1)
    trollop (2.1.2)

PLATFORMS
  ruby

DEPENDENCIES
  RedCloth (~> 4.2.9)
  haml (~> 4.0)
  jekyll (~> 3.6)
  jekyll-date-format (~> 1.0)
  jekyll-page-hooks (~> 1.2)
  jekyll-sitemap (~> 0.5.0)
  link-checker (~> 0.7.2)
  rake (~> 10.0)
  rb-fsevent (~> 0.9)
  rubypants (~> 0.2.0)
  stringex (~> 1.4.0)
